PATH
  remote: .
  specs:
    cli_pix (0.1.0)
      mini_magick (~> 4.10)
      paint (~> 2.2)

GEM
  remote: https://rubygems.org/
  specs:
    diff-lcs (1.4.4)
    mini_magick (4.10.1)
    paint (2.2.0)
    rake (12.3.3)
    rspec (3.9.0)
      rspec-core (~> 3.9.0)
      rspec-expectations (~> 3.9.0)
      rspec-mocks (~> 3.9.0)
    rspec-core (3.9.2)
      rspec-support (~> 3.9.3)
    rspec-expectations (3.9.2)
      diff-lcs (>= 1.2.0, < 2.0)
      rspec-support (~> 3.9.0)
    rspec-mocks (3.9.1)
      diff-lcs (>= 1.2.0, < 2.0)
      rspec-support (~> 3.9.0)
    rspec-support (3.9.3)

PLATFORMS
  ruby

DEPENDENCIES
  cli_pix!
  rake (~> 12.0)
  rspec (~> 3.0)

BUNDLED WITH
   2.1.4
